GEM
  remote: https://rubygems.org/
  specs:
    concurrent-ruby (1.1.9)
    ffi (1.15.5)
    haml (5.2.2)
      temple (>= 0.8.0)
      tilt
    mustermann (1.1.1)
      ruby2_keywords (~> 0.0.1)
    rack (2.2.3)
    rack-protection (2.2.0)
      rack
    ruby2_keywords (0.0.5)
    sassc (2.4.0)
      ffi (~> 1.9)
    sinatra (2.2.0)
      mustermann (~> 1.0)
      rack (~> 2.2)
      rack-protection (= 2.2.0)
      tilt (~> 2.0)
    sprockets (4.0.3)
      concurrent-ruby (~> 1.0)
      rack (> 1, < 3)
    temple (0.8.2)
    tilt (2.0.10)

PLATFORMS
  x86_64-linux

DEPENDENCIES
  haml
  sassc
  sinatra
  sprockets

RUBY VERSION
   ruby 2.7.5p203

BUNDLED WITH
   2.3.4
